GEM
  remote: https://rubygems.org/
  specs:
    dbf (2.0.6)
      fastercsv (~> 1.5.4)
    diff-lcs (1.2.4)
    fastercsv (1.5.5)
    htmlentities (4.3.1)
    nokogiri (1.5.9)
    rinruby (2.0.3)
    rspec (2.14.1)
      rspec-core (~> 2.14.0)
      rspec-expectations (~> 2.14.0)
      rspec-mocks (~> 2.14.0)
    rspec-core (2.14.5)
    rspec-expectations (2.14.3)
      diff-lcs (>= 1.1.3, < 2.0)
    rspec-mocks (2.14.3)

PLATFORMS
  ruby

DEPENDENCIES
  dbf
  htmlentities
  nokogiri
  rinruby
  rspec
